GEM
  remote: https://rubygems.org/
  specs:
    cucumber-sinatra (0.5.0)
      templater (>= 1.0.0)
    diff-lcs (1.2.4)
    extlib (0.9.16)
    highline (1.6.20)
    rack (1.5.2)
    shotgun (0.9)
      rack (>= 1.0)
    sinatra (1.1.0)
      rack (~> 1.1)
      tilt (~> 1.1)
    templater (1.0.0)
      diff-lcs (>= 1.1.2)
      extlib (>= 0.9.5)
      highline (>= 1.4.0)
    tilt (1.4.1)

PLATFORMS
  ruby

DEPENDENCIES
  cucumber-sinatra
  shotgun
  sinatra (= 1.1.0)
